GIT
  remote: git://github.com/mallowlabs/ruboty-calendar_alert.git
  revision: 4795921becbdf0600015a7a4ac3b5484051239ab
  specs:
    ruboty-calendar_alert (0.0.1)
      icalendar
      ruboty-cron

GEM
  remote: https://rubygems.org/
  specs:
    activesupport (4.2.4)
      i18n (~> 0.7)
      json (~> 1.7, >= 1.7.7)
      minitest (~> 5.1)
      thread_safe (~> 0.3, >= 0.3.4)
      tzinfo (~> 1.1)
    addressable (2.3.8)
    awesome_print (1.6.1)
    chrono (0.1.0)
      activesupport
    dotenv (2.0.2)
    eventmachine (1.0.8)
    faraday (0.9.0)
      multipart-post (>= 1.2, < 3)
    faraday_middleware (0.10.0)
      faraday (>= 0.7.4, < 0.10)
    faye-websocket (0.9.2)
      eventmachine (>= 0.12.0)
      websocket-driver (>= 0.5.1)
    i18n (0.7.0)
    icalendar (2.3.0)
    json (1.8.3)
    logger (1.2.8)
    mem (0.1.5)
    minitest (5.8.1)
    multi_json (1.11.2)
    multipart-post (2.0.0)
    octokit (4.2.0)
      sawyer (~> 0.6.0, >= 0.5.3)
    oj (2.14.4)
    rake (10.4.2)
    redis (3.2.1)
    redis-namespace (1.5.2)
      redis (~> 3.0, >= 3.0.4)
    ruboty (1.2.2)
      activesupport
      bundler
      dotenv
      mem
      slop
    ruboty-alias (0.0.8)
      ruboty (>= 1.1.1)
    ruboty-cron (1.1.0)
      activesupport
      chrono
      ruboty (>= 0.2.0)
    ruboty-echo (0.1.0)
      ruboty
    ruboty-echo_to (1.0.1)
      ruboty
    ruboty-github (0.2.1)
      activesupport
      octokit
      ruboty
    ruboty-google_image (0.0.7)
      faraday
      faraday_middleware
      ruboty
    ruboty-redis (0.0.6)
      redis
      redis-namespace
      ruboty
    ruboty-slack (0.1.12)
      ruboty (>= 1.0.4)
      xrc (>= 0.1.8)
    ruboty-slack_rtm (1.5.1)
      ruboty (>= 1.1.4)
      slack-api (~> 1.0.0)
      slack-rtmapi (~> 1.0.0.rc4)
    ruboty-toggl (0.0.1)
      awesome_print
      ruboty
      togglv8
    sawyer (0.6.0)
      addressable (~> 2.3.5)
      faraday (~> 0.8, < 0.10)
    slack-api (1.0.0)
      faraday (>= 0.7, <= 0.9)
      faraday_middleware (~> 0.8)
      faye-websocket (~> 0.9.2)
      multi_json (~> 1.0, >= 1.0.3)
    slack-rtmapi (1.0.0.rc4)
      websocket-driver
    slop (4.2.0)
    thread_safe (0.3.5)
    togglv8 (1.0.4)
      faraday
      logger
      oj
    tzinfo (1.2.2)
      thread_safe (~> 0.1)
    websocket-driver (0.6.3)
      websocket-extensions (>= 0.1.0)
    websocket-extensions (0.1.2)
    xrc (0.1.8)
      activesupport

PLATFORMS
  ruby

DEPENDENCIES
  rake
  ruboty
  ruboty-alias
  ruboty-calendar_alert!
  ruboty-cron
  ruboty-echo
  ruboty-echo_to
  ruboty-github
  ruboty-google_image
  ruboty-redis
  ruboty-slack
  ruboty-slack_rtm
  ruboty-toggl

BUNDLED WITH
   1.10.6
